PATH
  remote: .
  specs:
    lab42_state_machine (0.1.0)
      forwarder2 (~> 0.2)

GEM
  remote: https://rubygems.org/
  specs:
    byebug (11.1.3)
    codeclimate-test-reporter (1.0.7)
      simplecov
    coderay (1.1.3)
    diff-lcs (1.3)
    docile (1.3.2)
    forwarder2 (0.2.0)
    json (2.3.0)
    method_source (1.0.0)
    pry (0.13.1)
      coderay (~> 1.1)
      method_source (~> 1.0)
    pry-byebug (3.9.0)
      byebug (~> 11.0)
      pry (~> 0.13.0)
    pry-doc (1.1.0)
      pry (~> 0.11)
      yard (~> 0.9.11)
    rspec (3.9.0)
      rspec-core (~> 3.9.0)
      rspec-expectations (~> 3.9.0)
      rspec-mocks (~> 3.9.0)
    rspec-core (3.9.2)
      rspec-support (~> 3.9.3)
    rspec-expectations (3.9.2)
      diff-lcs (>= 1.2.0, < 2.0)
      rspec-support (~> 3.9.0)
    rspec-mocks (3.9.1)
      diff-lcs (>= 1.2.0, < 2.0)
      rspec-support (~> 3.9.0)
    rspec-support (3.9.3)
    simplecov (0.18.5)
      docile (~> 1.1)
      simplecov-html (~> 0.11)
    simplecov-html (0.12.2)
    speculate_about (0.1.2)
      rspec (~> 3.9)
    travis-lint (2.0.0)
      json
    yard (0.9.25)

PLATFORMS
  ruby

DEPENDENCIES
  codeclimate-test-reporter (~> 1.0)
  lab42_state_machine!
  pry-byebug (~> 3.9)
  pry-doc (~> 1.1.0)
  rspec (~> 3.9)
  simplecov (~> 0.15)
  speculate_about (~> 0.1)
  travis-lint (~> 2.0)

BUNDLED WITH
   2.1.2
